PATH
  remote: .
  specs:
    zayef (0.1.0)

GEM
  remote: https://rubygems.org/
  specs:
    rake (13.3.0)

PLATFORMS
  x86_64-linux

DEPENDENCIES
  rake (~> 13.0)
  zayef!

BUNDLED WITH
   2.4.19
